PATH
  remote: .
  specs:
    gabba (0.4.2)

GEM
  remote: http://rubygems.org/
  specs:
    addressable (2.2.2)
    crack (0.1.8)
    minitest (2.0.0)
    webmock (1.6.1)
      addressable (>= 2.2.2)
      crack (>= 0.1.7)

PLATFORMS
  ruby

DEPENDENCIES
  gabba!
  minitest
  webmock
